GIT
  remote: https://github.com/msimonin/xp5k.git
  revision: eacddcb7bf663e814676f534c9a77ea20b341e9e
  branch: redeploy
  specs:
    xp5k (0.0.5)
      json (>= 1.5.1)
      restfully (> 1.0.0)
      term-ansicolor (>= 1.0.7)

GEM
  remote: http://rubygems.org/
  specs:
    addressable (2.3.5)
    backports (3.3.4)
    bond (0.4.3)
    capistrano (2.15.5)
      highline
      net-scp (>= 1.0.0)
      net-sftp (>= 2.0.0)
      net-ssh (>= 2.0.14)
      net-ssh-gateway (>= 1.1.0)
    colored (1.2)
    colorize (0.6.0)
    highline (1.6.19)
    json (1.8.0)
    mime-types (1.25)
    net-scp (1.1.2)
      net-ssh (>= 2.6.5)
    net-sftp (2.1.2)
      net-ssh (>= 2.6.5)
    net-ssh (2.7.0)
    net-ssh-gateway (1.2.0)
      net-ssh (>= 2.6.5)
    rack (1.5.2)
    rack-cache (1.2)
      rack (>= 0.4)
    rb-readline (0.5.0)
    rest-client (1.6.7)
      mime-types (>= 1.16)
    rest-client-components (1.2.0)
      rack (>= 1.0.1)
      rest-client (>= 1.6.0, < 1.7.0)
    restfully (1.0.7)
      addressable
      backports
      json (~> 1.5)
      rack-cache
      rb-readline
      rest-client (~> 1.6)
      rest-client-components
      ripl (= 0.6.1)
      ripl-color_streams
      ripl-multi_line
      ripl-play (~> 0.2.1)
      ripl-short_errors
    ripl (0.6.1)
      bond (~> 0.4.0)
    ripl-color_streams (0.1.2)
      ripl (>= 0.2.8)
    ripl-multi_line (0.3.1)
      ripl (>= 0.3.6)
    ripl-play (0.2.1)
      ripl (>= 0.3.0)
    ripl-short_errors (0.1.0)
      ripl (>= 0.2.8)
    shell-spinner (1.0.4)
      colorize
    term-ansicolor (1.2.2)
      tins (~> 0.8)
    tins (0.11.0)

PLATFORMS
  ruby

DEPENDENCIES
  capistrano
  colored
  shell-spinner
  xp5k!
