PATH
  remote: /home/msimonin/github/xp5k
  specs:
    xp5k (0.0.2)
      json (>= 1.5.1)
      restfully (~> 0.6)
      term-ansicolor (>= 1.0.7)

GEM
  remote: http://rubygems.org/
  specs:
    addressable (2.3.4)
    backports (3.3.2)
    capistrano (2.15.4)
      highline
      net-scp (>= 1.0.0)
      net-sftp (>= 2.0.0)
      net-ssh (>= 2.0.14)
      net-ssh-gateway (>= 1.1.0)
    highline (1.6.19)
    json (1.8.0)
    mime-types (1.23)
    net-scp (1.1.1)
      net-ssh (>= 2.6.5)
    net-sftp (2.1.2)
      net-ssh (>= 2.6.5)
    net-ssh (2.6.7)
    net-ssh-gateway (1.2.0)
      net-ssh (>= 2.6.5)
    rack (1.5.2)
    rack-cache (1.2)
      rack (>= 0.4)
    rest-client (1.6.7)
      mime-types (>= 1.16)
    rest-client-components (1.2.0)
      rack (>= 1.0.1)
      rest-client (>= 1.6.0, < 1.7.0)
    restfully (0.8.8)
      addressable
      backports
      json (~> 1.5)
      rack-cache
      rest-client (~> 1.6)
      rest-client-components
    term-ansicolor (1.2.2)
      tins (~> 0.8)
    tins (0.8.2)

PLATFORMS
  ruby

DEPENDENCIES
  capistrano
  xp5k!
